GEM
  remote: https://rubygems.org/
  specs:
    dotenv (0.8.0)
    ffi (1.9.0)
    foreman (0.63.0)
      dotenv (>= 0.7)
      thor (>= 0.13.6)
    listen (1.1.6)
      rb-fsevent (>= 0.9.3)
      rb-inotify (>= 0.9)
      rb-kqueue (>= 0.2)
    rb-fsevent (0.9.3)
    rb-inotify (0.9.1)
      ffi (>= 0.5.0)
    rb-kqueue (0.2.0)
      ffi (>= 0.5.0)
    sass (3.3.0.alpha.392)
      listen (~> 1.1.0)
    thor (0.18.1)

PLATFORMS
  ruby

DEPENDENCIES
  foreman
  sass (>= 3.3.0alpha)
